PATH
  remote: .
  specs:
    boletorb (0.0.1)
      barby (= 0.5.1)
      chunky_png (= 1.3.1)
      thinreports (= 0.7.7)

GEM
  remote: https://rubygems.org/
  specs:
    Ascii85 (1.0.2)
    afm (0.2.0)
    barby (0.5.1)
    chunky_png (1.3.1)
    hashery (2.1.1)
    pdf-reader (1.3.3)
      Ascii85 (~> 1.0.0)
      afm (~> 0.2.0)
      hashery (~> 2.0)
      ruby-rc4
      ttfunk
    prawn (0.12.0)
      pdf-reader (>= 0.9.0)
      ttfunk (~> 1.0.2)
    rspec (0.9.4)
    ruby-rc4 (0.1.5)
    thinreports (0.7.7)
      prawn (= 0.12.0)
    ttfunk (1.0.3)

PLATFORMS
  ruby

DEPENDENCIES
  boletorb!
  rspec (~> 0)
